GEM
  remote: https://rubygems.org/
  specs:
    activesupport (6.0.2.1)
      concurrent-ruby (~> 1.0, >= 1.0.2)
      i18n (>= 0.7, < 2)
      minitest (~> 5.1)
      tzinfo (~> 1.1)
      zeitwerk (~> 2.2)
    concurrent-ruby (1.1.6)
    i18n (1.8.2)
      concurrent-ruby (~> 1.0)
    minitest (5.14.0)
    polyglot (0.3.5)
    thread_safe (0.3.6)
    timeparser (0.0.3)
      treetop
    treetop (1.6.10)
      polyglot (~> 0.3)
    tty-font (0.5.0)
    tzinfo (1.2.6)
      thread_safe (~> 0.1)
    zeitwerk (2.3.0)

PLATFORMS
  ruby

DEPENDENCIES
  activesupport (~> 6.0, >= 6.0.2.1)
  timeparser (~> 0.0.3)
  tty-font

BUNDLED WITH
   2.1.4
